GEM
  remote: http://rubygems.org/
  specs:
    json (1.8.1)
    mini_portile (0.6.0)
    nokogiri (1.6.2.1)
      mini_portile (= 0.6.0)
    parseconfig (1.0.4)

PLATFORMS
  ruby

DEPENDENCIES
  json
  nokogiri
  parseconfig
