GEM
  remote: http://rubygems.org/
  specs:
    birch (0.1.1)
    daemons (1.2.6)
    graph-rank (0.0.3)
    json (1.8.6)
    mime-types (1.25.1)
    mini_portile2 (2.3.0)
    nokogiri (1.8.2)
      mini_portile2 (~> 2.3.0)
    parseconfig (1.0.8)
    progressbar (1.9.0)
    rubyzip (0.9.9)
    schiphol (1.0.2)
      progressbar (>= 0.10.0)
      rubyzip (~> 0.9.9)
    treat (2.1.0)
      birch
      schiphol
      yomu
    yomu (0.2.4)
      json (~> 1.8)
      mime-types (~> 1.23)

PLATFORMS
  ruby

DEPENDENCIES
  daemons
  graph-rank
  json
  nokogiri
  parseconfig
  treat

BUNDLED WITH
   1.13.2
